GEM
  remote: http://rubygems.org/
  specs:
    aws-sdk (1.60.2)
      aws-sdk-v1 (= 1.60.2)
    aws-sdk-v1 (1.60.2)
      json (~> 1.4)
      nokogiri (>= 1.4.4)
    bson (1.9.2)
    bson_ext (1.9.2)
      bson (~> 1.9.2)
    commander (4.2.1)
      highline (~> 1.6.11)
    gcm (0.0.9)
      httparty
      json
    highline (1.6.21)
    houston (2.2.1)
      commander (~> 4.1)
      json
    httparty (0.13.3)
      json (~> 1.8)
      multi_xml (>= 0.5.2)
    json (1.8.1)
    mail (2.6.3)
      mime-types (>= 1.16, < 3)
    mime-types (2.4.3)
    mini_exiftool (2.5.0)
    mini_portile (0.6.2)
    mongo (1.9.2)
      bson (~> 1.9.2)
    multi_xml (0.5.5)
    nokogiri (1.6.5-x86-mingw32)
      mini_portile (~> 0.6.0)
    rack (1.6.0)
    rack-protection (1.5.3)
      rack
    sinatra (1.4.5)
      rack (~> 1.4)
      rack-protection (~> 1.4)
      tilt (~> 1.3, >= 1.3.4)
    streamio-ffmpeg (1.0.0)
    tilt (1.4.1)

PLATFORMS
  x86-mingw32

DEPENDENCIES
  aws-sdk (~> 1.0)
  bson_ext
  gcm
  houston
  json
  mail
  mini_exiftool
  mongo (~> 1.9.2)
  sinatra
  streamio-ffmpeg
